GEM
  remote: https://rubygems.org/
  specs:
    cargobull (0.3.0)
    redis (3.2.2)

PLATFORMS
  ruby

DEPENDENCIES
  cargobull
  redis

BUNDLED WITH
   1.11.2
